GEM
  remote: http://rubygems.org/
  specs:
    faker (0.3.1)
    haml (3.0.24)
    rack (1.2.2)
    sinatra (1.2.3)
      rack (~> 1.1)
      tilt (>= 1.2.2, < 2.0)
    tilt (1.2.2)

PLATFORMS
  ruby

DEPENDENCIES
  faker
  haml
  sinatra
